PATH
  remote: .
  specs:
    briefbag (0.0.1)
      anyway_config (~> 1.4.4)
      diplomat (~> 2.4.4)
      hash_to_struct (~> 1.0.0)
      rainbow (>= 2.2.2)

GEM
  remote: https://rubygems.org/
  specs:
    anyway_config (1.4.4)
    ast (2.4.2)
    byebug (11.1.3)
    concurrent-ruby (1.2.0)
    deep_merge (1.2.2)
    diff-lcs (1.5.0)
    diplomat (2.4.4)
      deep_merge (~> 1.0, >= 1.0.1)
      faraday (>= 0.9, < 1.1.0)
    faker (2.12.0)
      i18n (>= 1.6, < 2)
    faraday (1.0.1)
      multipart-post (>= 1.2, < 3)
    hash_to_struct (1.0.0)
    i18n (1.12.0)
      concurrent-ruby (~> 1.0)
    multipart-post (2.3.0)
    parallel (1.20.1)
    parser (3.2.0.0)
      ast (~> 2.4.1)
    rainbow (3.1.1)
    rake (13.0.6)
    regexp_parser (2.6.2)
    rexml (3.2.5)
    rspec (3.12.0)
      rspec-core (~> 3.12.0)
      rspec-expectations (~> 3.12.0)
      rspec-mocks (~> 3.12.0)
    rspec-core (3.12.0)
      rspec-support (~> 3.12.0)
    rspec-expectations (3.12.2)
      diff-lcs (>= 1.2.0, < 2.0)
      rspec-support (~> 3.12.0)
    rspec-mocks (3.12.3)
      diff-lcs (>= 1.2.0, < 2.0)
      rspec-support (~> 3.12.0)
    rspec-support (3.12.0)
    rubocop (1.12.1)
      parallel (~> 1.10)
      parser (>= 3.0.0.0)
      rainbow (>= 2.2.2, < 4.0)
      regexp_parser (>= 1.8, < 3.0)
      rexml
      rubocop-ast (>= 1.2.0, < 2.0)
      ruby-progressbar (~> 1.7)
      unicode-display_width (>= 1.4.0, < 3.0)
    rubocop-ast (1.4.1)
      parser (>= 2.7.1.5)
    ruby-progressbar (1.11.0)
    unicode-display_width (2.4.2)

PLATFORMS
  ruby

DEPENDENCIES
  anyway_config
  briefbag!
  bundler (~> 1.17.3)
  byebug
  diplomat
  faker (~> 2.12.0)
  hash_to_struct
  rainbow
  rake (~> 13.0.6)
  rspec (~> 3.12.0)
  rubocop (~> 1.12.1)

BUNDLED WITH
   1.17.3
